GEM
  remote: https://rubygems.org/
  specs:
    byebug (11.1.1)
    chroma (0.2.0)
    coderay (1.1.2)
    method_source (0.9.2)
    mini_portile2 (2.4.0)
    nokogiri (1.10.9)
      mini_portile2 (~> 2.4.0)
    pry (0.12.2)
      coderay (~> 1.1.0)
      method_source (~> 0.9.0)
    pry-byebug (3.8.0)
      byebug (~> 11.0)
      pry (~> 0.10)
    rubyXL (3.4.12)
      nokogiri (>= 1.4.4)
      rubyzip (>= 1.3.0)
    rubyzip (2.2.0)

PLATFORMS
  ruby

DEPENDENCIES
  chroma
  pry
  pry-byebug
  rubyXL

BUNDLED WITH
   2.1.2
